GEM
  remote: https://rubygems.org/
  specs:
    diff-lcs (1.3)
    parallel (1.19.1)
    qtbindings (4.8.6.5)
    rake (12.3.3)
    rspec (3.8.0)
      rspec-core (~> 3.8.0)
      rspec-expectations (~> 3.8.0)
      rspec-mocks (~> 3.8.0)
    rspec-core (3.8.2)
      rspec-support (~> 3.8.0)
    rspec-expectations (3.8.4)
      diff-lcs (>= 1.2.0, < 2.0)
      rspec-support (~> 3.8.0)
    rspec-mocks (3.8.1)
      diff-lcs (>= 1.2.0, < 2.0)
      rspec-support (~> 3.8.0)
    rspec-support (3.8.2)
    ruby-filemagic (0.7.2)
    ruby-progressbar (1.10.1)
    sqlite3 (1.4.1)
    xdg (2.2.5)

PLATFORMS
  ruby

DEPENDENCIES
  parallel!
  qtbindings!
  rake!
  rspec!
  ruby-filemagic!
  ruby-progressbar!
  sqlite3!
  xdg!

BUNDLED WITH
   2.0.2
