GEM
  remote: https://rubygems.org/
  specs:
    colorize (0.8.1)
    diff-lcs (1.3)
    docile (1.3.2)
    json (2.3.0)
    parallel (1.19.1)
    qtbindings (4.8.6.5)
    rake (12.3.3)
    rake-compiler (1.1.0)
      rake
    rantly (2.0.0)
    rspec (3.8.0)
      rspec-core (~> 3.8.0)
      rspec-expectations (~> 3.8.0)
      rspec-mocks (~> 3.8.0)
    rspec-core (3.8.2)
      rspec-support (~> 3.8.0)
    rspec-expectations (3.8.4)
      diff-lcs (>= 1.2.0, < 2.0)
      rspec-support (~> 3.8.0)
    rspec-mocks (3.8.1)
      diff-lcs (>= 1.2.0, < 2.0)
      rspec-support (~> 3.8.0)
    rspec-prof (0.0.7)
      rspec (~> 3.0)
      ruby-prof
    rspec-support (3.8.2)
    ruby-filemagic (0.7.2)
    ruby-prof (1.2.0)
    ruby-progressbar (1.10.1)
    simplecov (0.17.1)
      docile (~> 1.1)
      json (>= 1.8, < 3)
      simplecov-html (~> 0.10.0)
    simplecov-html (0.10.2)
    sqlite3 (1.4.1)
    xdg (2.2.5)

PLATFORMS
  ruby

DEPENDENCIES
  colorize!
  parallel!
  qtbindings!
  rake!
  rake-compiler!
  rantly!
  rspec!
  rspec-prof!
  ruby-filemagic!
  ruby-progressbar!
  simplecov!
  sqlite3!
  xdg!

BUNDLED WITH
   2.0.2
